GEM
  remote: http://rubygems.org/
  specs:
    activemodel (7.0.4.1)
      activesupport (= 7.0.4.1)
    activerecord (7.0.4.1)
      activemodel (= 7.0.4.1)
      activesupport (= 7.0.4.1)
    activesupport (7.0.4.1)
      concurrent-ruby (~> 1.0, >= 1.0.2)
      i18n (>= 1.6, < 2)
      minitest (>= 5.1)
      tzinfo (~> 2.0)
    concurrent-ruby (1.1.10)
    git (1.2.5)
    i18n (1.12.0)
      concurrent-ruby (~> 1.0)
    jeweler (1.8.3)
      bundler (~> 1.0)
      git (>= 1.2.5)
      rake
      rdoc
    json (1.6.6)
    minitest (5.17.0)
    modalsettings (1.0.0)
      modalsupport (>= 0.8.1)
    modalsupport (0.9.2)
    pg (0.10.1)
    rake (0.9.2.2)
    rdoc (3.12)
      json (~> 1.4)
    shoulda (2.10.3)
    sqlite3 (1.3.3)
    tzinfo (2.0.5)
      concurrent-ruby (~> 1.0)

PLATFORMS
  ruby

DEPENDENCIES
  activerecord (>= 2.3.5)
  activesupport (>= 2.3.5)
  bundler (~> 1)
  jeweler (~> 1.8.3)
  modalsettings
  pg
  rdoc (~> 3.12)
  shoulda
  sqlite3
