GEM
  remote: http://rubygems.org/
  specs:
    activerecord (3.2.14)
    activesupport (3.0.3)
    git (1.2.5)
    jeweler (1.8.3)
      bundler (~> 1.0)
      git (>= 1.2.5)
      rake
      rdoc
    json (1.6.6)
    modalsettings (1.0.0)
      modalsupport (>= 0.8.1)
    modalsupport (0.9.2)
    pg (0.10.1)
    rake (0.9.2.2)
    rdoc (3.12)
      json (~> 1.4)
    shoulda (2.10.3)
    sqlite3 (1.3.3)

PLATFORMS
  ruby

DEPENDENCIES
  activerecord (>= 2.3.5)
  activesupport (>= 2.3.5)
  bundler (~> 1)
  jeweler (~> 1.8.3)
  modalsettings
  pg
  rdoc (~> 3.12)
  shoulda
  sqlite3
